GEM
  remote: https://rubygems.org/
  specs:
    yard (0.9.5)

PLATFORMS
  ruby

DEPENDENCIES
  yard
